FRAMEWORK: >= NET461
NUGET
  remote: https://www.nuget.org/api/v2
    EntityFramework (6.1.3)
    FSharp.Control.AsyncSeq (2.0.3)
    FSharp.Core (4.0.0.1)
    FSharpx.Async (1.12)
      FSharp.Control.AsyncSeq
    FSharpx.Collections (1.13.4)
      FSharp.Core (>= 3.0)
    FSharpx.Extras (1.10.3)
      FSharpx.Async (>= 1.12)
      FSharpx.Collections (>= 1.10.1)
    SQLProvider (0.0.9-alpha)
    System.Data.SQLite (1.0.99)
      System.Data.SQLite.Core (>= 1.0.99)
      System.Data.SQLite.EF6 (>= 1.0.99)
      System.Data.SQLite.Linq (>= 1.0.99)
    System.Data.SQLite.Core (1.0.99)
    System.Data.SQLite.EF6 (1.0.99)
      EntityFramework (>= 6.0)
    System.Data.SQLite.Linq (1.0.99)
